GIT
  remote: git@github.com:stripe/mongoriver
  revision: 57034336fd795f931a62c369e309071bcd017417
  specs:
    mongoriver (0.4.1)
      bson_ext
      log4r
      mongo (>= 1.7)

PATH
  remote: .
  specs:
    mosql (0.4.0)
      bson_ext
      json
      log4r
      mongo
      pg
      rake
      sequel

GEM
  remote: https://rubygems.org/
  specs:
    bson (1.10.2)
    bson_ext (1.10.2)
      bson (~> 1.10.2)
    json (1.8.1)
    log4r (1.1.10)
    metaclass (0.0.4)
    minitest (3.0.0)
    mocha (1.0.0)
      metaclass (~> 0.0.1)
    mongo (1.10.2)
      bson (= 1.10.2)
    pg (0.17.1)
    rake (10.3.2)
    sequel (4.14.0)

PLATFORMS
  ruby

DEPENDENCIES
  minitest
  mocha
  mongoriver!
  mosql!
