PATH
  remote: .
  specs:
    mosql (0.4.2)
      bson (~> 1.10)
      bson_ext
      json
      log4r
      mongo
      mongoriver (= 0.4)
      pg
      rake
      sequel

GEM
  remote: https://rubygems.org/
  specs:
    bson (1.11.1)
    bson_ext (1.11.1)
      bson (~> 1.11.1)
    json (1.8.1)
    log4r (1.1.10)
    metaclass (0.0.4)
    minitest (5.4.2)
    mocha (1.1.0)
      metaclass (~> 0.0.1)
    mongo (1.11.1)
      bson (= 1.11.1)
    mongoriver (0.4.0)
      bson_ext
      log4r
      mongo (>= 1.7)
    pg (0.17.1)
    rake (10.3.2)
    sequel (4.16.0)

PLATFORMS
  ruby

DEPENDENCIES
  minitest
  mocha
  mosql!
